GEM
  remote: http://rubygems.org/
  specs:
    backports (2.6.2)
    eventmachine (0.12.10)
    foreman (0.53.0)
      thor (>= 0.13.6)
    kgio (2.7.4)
    multi_json (1.3.6)
    oj (1.3.2)
    rack (1.4.1)
    rack-protection (1.2.0)
      rack
    rack-test (0.6.1)
      rack (>= 1.0)
    raindrops (0.10.0)
    require_all (1.2.1)
    sinatra (1.3.2)
      rack (~> 1.3, >= 1.3.6)
      rack-protection (~> 1.2)
      tilt (~> 1.3, >= 1.3.3)
    sinatra-contrib (1.3.1)
      backports (>= 2.0)
      eventmachine
      rack-protection
      rack-test
      sinatra (~> 1.3.0)
      tilt (~> 1.3)
    sinatra-reloader (1.0)
      sinatra-contrib
    thor (0.15.4)
    tilt (1.3.3)
    unicorn (4.3.1)
      kgio (~> 2.6)
      rack
      raindrops (~> 0.7)

PLATFORMS
  ruby

DEPENDENCIES
  foreman
  multi_json
  oj
  require_all
  sinatra
  sinatra-reloader
  unicorn
